PATH
  remote: .
  specs:
    rack-webdav (0.4.3)
      nokogiri (>= 1.4.2)
      rack (>= 1.1.0)
      uuidtools (~> 2.1.1)

GEM
  remote: http://rubygems.org/
  specs:
    awesome_print (1.7.0)
    binding_of_caller (0.7.2)
      debug_inspector (>= 0.0.1)
    byebug (9.0.6)
    coderay (1.1.1)
    coolline (0.5.0)
      unicode_utils (~> 1.4)
    debug_inspector (0.0.3)
    diff-lcs (1.3)
    hirb (0.7.3)
    hirb-unicode (0.0.5)
      hirb (~> 0.5)
      unicode-display_width (~> 0.1.1)
    kgio (2.11.0)
    method_source (0.8.2)
    mime-types (1.17.2)
    mini_portile2 (2.1.0)
    nokogiri (1.7.2)
      mini_portile2 (~> 2.1.0)
    pry (0.10.4)
      coderay (~> 1.1.0)
      method_source (~> 0.8.1)
      slop (~> 3.4)
    pry-byebug (3.4.2)
      byebug (~> 9.0)
      pry (~> 0.10)
    pry-coolline (0.2.5)
      coolline (~> 0.5)
    pry-stack_explorer (0.4.9.2)
      binding_of_caller (>= 0.7)
      pry (>= 0.9.11)
    rack (2.0.2)
    raindrops (0.18.0)
    rake (0.9.2.2)
    rspec (3.6.0)
      rspec-core (~> 3.6.0)
      rspec-expectations (~> 3.6.0)
      rspec-mocks (~> 3.6.0)
    rspec-core (3.6.0)
      rspec-support (~> 3.6.0)
    rspec-expectations (3.6.0)
      diff-lcs (>= 1.2.0, < 2.0)
      rspec-support (~> 3.6.0)
    rspec-mocks (3.6.0)
      diff-lcs (>= 1.2.0, < 2.0)
      rspec-support (~> 3.6.0)
    rspec-support (3.6.0)
    slop (3.6.0)
    unicode-display_width (0.1.1)
    unicode_utils (1.4.0)
    unicorn (4.2.0)
      kgio (~> 2.6)
      rack
      raindrops (~> 0.7)
    uuidtools (2.1.5)

PLATFORMS
  ruby

DEPENDENCIES
  awesome_print
  hirb
  hirb-unicode
  kgio (~> 2.11)
  mime-types
  pry-byebug
  pry-coolline
  pry-stack_explorer
  rack-webdav!
  rake
  rspec
  unicorn

BUNDLED WITH
   1.14.6
